GIT
  remote: https://github.com/maestrodev/puppet-blacksmith.git
  revision: d62d39dac4620cf4542a10cbba7328555726dc7d
  specs:
    puppet-blacksmith (4.1.2)
      rest-client (~> 2.0)

GIT
  remote: https://github.com/mmz-srf/hiera-puppet-helper.git
  revision: 6f43f7a0cdba69161b70ee61f525a8579ac5069b
  specs:
    hiera-puppet-helper (2.0.1)

GEM
  remote: https://rubygems.org/
  specs:
    CFPropertyList (2.2.8)
    diff-lcs (1.3)
    domain_name (0.5.20180417)
      unf (>= 0.0.5, < 1.0.0)
    facter (2.5.1)
      CFPropertyList (~> 2.2)
    faraday (0.13.1)
      multipart-post (>= 1.2, < 3)
    faraday_middleware (0.12.2)
      faraday (>= 0.7.4, < 1.0)
    fast_gettext (1.1.2)
    gettext (3.2.9)
      locale (>= 2.0.5)
      text (>= 1.3.0)
    gettext-setup (0.30)
      fast_gettext (~> 1.1.0)
      gettext (>= 3.0.2)
      locale
    hiera (3.4.3)
    http-cookie (1.0.3)
      domain_name (~> 0.5)
    json_pure (2.1.0)
    librarian-puppet (3.0.0)
      librarianp (>= 0.6.3)
      puppet_forge (~> 2.1)
      rsync
    librarianp (0.6.4)
      thor (~> 0.15)
    locale (2.1.2)
    metaclass (0.0.4)
    mime-types (3.1)
      mime-types-data (~> 3.2015)
    mime-types-data (3.2016.0521)
    minitar (0.6.1)
    mocha (1.5.0)
      metaclass (~> 0.0.1)
    multipart-post (2.0.0)
    netrc (0.11.0)
    puppet (4.5.3)
      CFPropertyList (~> 2.2.6)
      facter (> 2.0, < 4)
      hiera (>= 2.0, < 4)
      json_pure
    puppet-lint (2.0.2)
    puppet-syntax (2.4.1)
      rake
    puppet_forge (2.2.9)
      faraday (>= 0.9.0, < 0.14.0)
      faraday_middleware (>= 0.9.0, < 0.13.0)
      gettext-setup (~> 0.11)
      minitar
      semantic_puppet (~> 1.0)
    puppetlabs_spec_helper (1.1.1)
      mocha
      puppet-lint
      puppet-syntax
      rake
      rspec-puppet
    rake (11.1.1)
    rake-hooks (1.2.3)
      rake
    rest-client (2.0.2)
      http-cookie (>= 1.0.2, < 2.0)
      mime-types (>= 1.16, < 4.0)
      netrc (~> 0.8)
    rspec (3.4.0)
      rspec-core (~> 3.4.0)
      rspec-expectations (~> 3.4.0)
      rspec-mocks (~> 3.4.0)
    rspec-core (3.4.4)
      rspec-support (~> 3.4.0)
    rspec-expectations (3.4.0)
      diff-lcs (>= 1.2.0, < 2.0)
      rspec-support (~> 3.4.0)
    rspec-mocks (3.4.1)
      diff-lcs (>= 1.2.0, < 2.0)
      rspec-support (~> 3.4.0)
    rspec-puppet (2.6.10)
      rspec
    rspec-support (3.4.1)
    rsync (1.0.9)
    semantic_puppet (1.0.2)
    text (1.3.1)
    thor (0.20.0)
    unf (0.1.4)
      unf_ext
    unf_ext (0.0.7.5)

PLATFORMS
  ruby

DEPENDENCIES
  hiera-puppet-helper!
  librarian-puppet (>= 0.9.10)
  puppet (= 4.5.3)
  puppet-blacksmith!
  puppet-lint (= 2.0.2)
  puppetlabs_spec_helper (~> 1.1.0)
  rake (= 11.1.1)
  rake-hooks (= 1.2.3)
  rspec (~> 3.4.0)
  rspec-core (~> 3.4.4)
  rspec-puppet (= 2.6.10)

BUNDLED WITH
   1.12.5
